GIT
  remote: https://github.com/rsslldnphy/optional
  revision: e46bbe29e6702ed6f456b48b5580d242bd6fd060
  branch: feature/values-not-enumerable
  specs:
    optional (0.0.5)

PATH
  remote: .
  specs:
    id (0.0.8)
      activesupport
      money
      optional

GEM
  remote: https://rubygems.org/
  specs:
    activesupport (3.2.12)
      i18n (~> 0.6)
      multi_json (~> 1.0)
    diff-lcs (1.2.1)
    i18n (0.6.4)
    money (5.1.1)
      i18n (~> 0.6.0)
    multi_json (1.7.2)
    rspec (2.13.0)
      rspec-core (~> 2.13.0)
      rspec-expectations (~> 2.13.0)
      rspec-mocks (~> 2.13.0)
    rspec-core (2.13.1)
    rspec-expectations (2.13.0)
      diff-lcs (>= 1.1.3, < 2.0)
    rspec-mocks (2.13.0)
    simplecov (0.7.1)
      multi_json (~> 1.0)
      simplecov-html (~> 0.7.1)
    simplecov-html (0.7.1)

PLATFORMS
  ruby

DEPENDENCIES
  id!
  optional!
  rspec
  simplecov
